GEM
  remote: https://rubygems.org/
  specs:
    concurrent-ruby (1.2.3)
    eventmachine (1.2.7)
    nats (0.11.0)
      eventmachine (~> 1.2, >= 1.2)
    nats-pure (2.4.0)
      concurrent-ruby (~> 1.0)

PLATFORMS
  ruby
  x86_64-linux

DEPENDENCIES
  nats
  nats-pure

BUNDLED WITH
   2.5.7
